PATH
  remote: .
  specs:
    enchant (1.0.0.pre3)
      progressbar
      rainbow

GEM
  remote: https://rubygems.org/
  specs:
    diff-lcs (1.1.3)
    progressbar (0.9.2)
    rainbow (1.1.3)
    rake (0.9.2.2)
    rspec (2.3.0)
      rspec-core (~> 2.3.0)
      rspec-expectations (~> 2.3.0)
      rspec-mocks (~> 2.3.0)
    rspec-core (2.3.1)
    rspec-expectations (2.3.0)
      diff-lcs (~> 1.1.2)
    rspec-mocks (2.3.0)

PLATFORMS
  ruby

DEPENDENCIES
  enchant!
  rake
  rspec
